GEM
  remote: https://rubygems.org/
  specs:
    vector2d (2.0.2)

PLATFORMS
  ruby

DEPENDENCIES
  vector2d
